GEM
  remote: https://rubygems.org/
  specs:
    axlsx (2.0.1)
      htmlentities (~> 4.3.1)
      nokogiri (>= 1.4.1)
      rubyzip (~> 1.0.0)
    backports (3.15.0)
    binding_of_caller (0.8.0)
      debug_inspector (>= 0.0.1)
    coderay (1.1.2)
    coolline (0.5.0)
      unicode_utils (~> 1.4)
    debug_inspector (0.0.3)
    htmlentities (4.3.4)
    method_source (0.9.2)
    mini_portile2 (2.4.0)
    multi_json (1.13.1)
    mustermann (1.0.3)
    nokogiri (1.10.4)
      mini_portile2 (~> 2.4.0)
    pry (0.12.2)
      coderay (~> 1.1.0)
      method_source (~> 0.9.0)
    pry-coolline (0.2.5)
      coolline (~> 0.5)
    pry-doc (1.0.0)
      pry (~> 0.11)
      yard (~> 0.9.11)
    pry-stack_explorer (0.4.9.3)
      binding_of_caller (>= 0.7)
      pry (>= 0.9.11)
    rack (2.0.8)
    rack-protection (2.0.7)
      rack
    rubyzip (1.0.0)
    sinatra (2.0.7)
      mustermann (~> 1.0)
      rack (~> 2.0)
      rack-protection (= 2.0.7)
      tilt (~> 2.0)
    sinatra-contrib (2.0.7)
      backports (>= 2.8.2)
      multi_json
      mustermann (~> 1.0)
      rack-protection (= 2.0.7)
      sinatra (= 2.0.7)
      tilt (~> 2.0)
    tilt (2.0.9)
    unicode_utils (1.4.0)
    yard (0.9.20)

PLATFORMS
  ruby

DEPENDENCIES
  axlsx
  pry
  pry-coolline
  pry-doc
  pry-stack_explorer
  sinatra
  sinatra-contrib

RUBY VERSION
   ruby 2.6.3p62

BUNDLED WITH
   2.0.2
